GEM
  remote: https://rubygems.org/
  specs:
    atk (1.2.5)
      glib2 (>= 1.2.5)
    cairo (1.12.4)
      pkg-config
    chunky_png (1.2.8)
    diff-lcs (1.2.2)
    gdk_pixbuf2 (1.2.5)
      glib2 (>= 1.2.5)
    glib2 (1.2.5)
      pkg-config
    green_shoes (1.1.373)
      gtk2
    gtk2 (1.2.5)
      atk (>= 1.2.5)
      gdk_pixbuf2 (>= 1.2.5)
      pango (>= 1.2.5)
    mini_magick (3.5.0)
      subexec (~> 0.2.1)
    pango (1.2.5)
      cairo (>= 1.10.0)
      glib2 (>= 1.2.5)
    pkg-config (1.1.4)
    qtbindings (4.8.3.0)
    rspec (2.13.0)
      rspec-core (~> 2.13.0)
      rspec-expectations (~> 2.13.0)
      rspec-mocks (~> 2.13.0)
    rspec-core (2.13.1)
    rspec-expectations (2.13.0)
      diff-lcs (>= 1.1.3, < 2.0)
    rspec-mocks (2.13.0)
    rsvg2 (1.2.5)
      cairo (>= 1.10.0)
      gdk_pixbuf2 (>= 1.2.5)
    subexec (0.2.2)
    yard (0.8.5.2)

PLATFORMS
  ruby

DEPENDENCIES
  chunky_png
  green_shoes
  mini_magick
  qtbindings
  rspec
  rsvg2 (~> 1.2.3)
  yard
