GEM
  remote: https://rubygems.org/
  specs:
    shoes (3.0.1)

PLATFORMS
  ruby

DEPENDENCIES
  shoes (~> 3.0.1)
