GEM
  remote: https://rubygems.org/
  specs:
    atk (1.2.3)
      glib2 (>= 1.2.3)
    cairo (1.12.4)
      pkg-config
    gdk_pixbuf2 (1.2.3)
      glib2 (>= 1.2.3)
    glib2 (1.2.3)
      pkg-config
    green_shoes (1.1.373)
      gtk2
    gtk2 (1.2.3)
      atk (>= 1.2.3)
      gdk_pixbuf2 (>= 1.2.3)
      pango (>= 1.2.3)
    pango (1.2.3)
      cairo (>= 1.10.0)
      glib2 (>= 1.2.3)
    pkg-config (1.1.4)

PLATFORMS
  ruby

DEPENDENCIES
  green_shoes
