GEM
  remote: https://rubygems.org/
  specs:
    yard (0.8.3)

PLATFORMS
  ruby

DEPENDENCIES
  yard
